GIT
  remote: https://github.com/tumblr/tumblr_client
  revision: a72b7f4636cb0ea75cb65ce90df902c3cb7d96b7
  specs:
    tumblr_client (0.8.6)
      faraday (~> 1.0)
      faraday_middleware (~> 1.0)
      json
      mime-types
      oauth
      simple_oauth

PATH
  remote: .
  specs:
    tumblr_scarper (0.4.0)
      logging (~> 2.2)
      multi_exiftool (~> 0.16.0)
      nokogiri (>= 1.10.8, < 1.12.0)
      oauth (~> 0.5.6)
      tumblr_client (~> 0.8)

GEM
  remote: https://rubygems.org/
  specs:
    coderay (1.1.3)
    diff-lcs (1.5.0)
    faraday (1.10.3)
      faraday-em_http (~> 1.0)
      faraday-em_synchrony (~> 1.0)
      faraday-excon (~> 1.1)
      faraday-httpclient (~> 1.0)
      faraday-multipart (~> 1.0)
      faraday-net_http (~> 1.0)
      faraday-net_http_persistent (~> 1.0)
      faraday-patron (~> 1.0)
      faraday-rack (~> 1.0)
      faraday-retry (~> 1.0)
      ruby2_keywords (>= 0.0.4)
    faraday-em_http (1.0.0)
    faraday-em_synchrony (1.0.0)
    faraday-excon (1.1.0)
    faraday-httpclient (1.0.1)
    faraday-multipart (1.0.4)
      multipart-post (~> 2)
    faraday-net_http (1.0.1)
    faraday-net_http_persistent (1.2.0)
    faraday-patron (1.0.0)
    faraday-rack (1.0.0)
    faraday-retry (1.0.3)
    faraday_middleware (1.2.0)
      faraday (~> 1.0)
    json (2.7.1)
    little-plugger (1.1.4)
    logging (2.3.1)
      little-plugger (~> 1.1)
      multi_json (~> 1.14)
    method_source (1.0.0)
    mime-types (3.5.1)
      mime-types-data (~> 3.2015)
    mime-types-data (3.2023.1205)
    mini_portile2 (2.5.3)
    multi_exiftool (0.16.0)
    multi_json (1.15.0)
    multipart-post (2.3.0)
    nokogiri (1.11.7)
      mini_portile2 (~> 2.5.0)
      racc (~> 1.4)
    oauth (0.5.14)
    pry (0.14.2)
      coderay (~> 1.1)
      method_source (~> 1.0)
    racc (1.7.3)
    rake (13.1.0)
    rspec (3.12.0)
      rspec-core (~> 3.12.0)
      rspec-expectations (~> 3.12.0)
      rspec-mocks (~> 3.12.0)
    rspec-core (3.12.2)
      rspec-support (~> 3.12.0)
    rspec-expectations (3.12.3)
      diff-lcs (>= 1.2.0, < 2.0)
      rspec-support (~> 3.12.0)
    rspec-mocks (3.12.6)
      diff-lcs (>= 1.2.0, < 2.0)
      rspec-support (~> 3.12.0)
    rspec-support (3.12.1)
    ruby2_keywords (0.0.5)
    simple_oauth (0.3.1)

PLATFORMS
  x86_64-linux

DEPENDENCIES
  bundler (>= 2.2.10, < 3.0)
  pry
  rake (~> 13.0)
  rspec (~> 3.0)
  rspec-mocks (~> 3.0)
  tumblr_client (= 0.8.6)!
  tumblr_scarper!

BUNDLED WITH
   2.3.26
